{
  "Modality": "MR",
  "MagneticFieldStrength": 3,
  "ImagingFrequency": 123.265,
  "Manufacturer": "Siemens",
  "ManufacturersModelName": "TrioTim",
  "InstitutionName": "Brigham_Young_University",
  "InstitutionalDepartmentName": "MRI",
  "InstitutionAddress": "University_Pkwy_1700_North_685_Provo_EDEA48_UT_US_84601",
  "DeviceSerialNumber": "35002",
  "StationName": "MRC35002",
  "PatientPosition": "HFS",
  "ProcedureStepDescription": "Research_Jensen",
  "SoftwareVersions": "syngo_MR_B17",
  "MRAcquisitionType": "2D",
  "SeriesDescription": "RestingState_EPI",
  "ProtocolName": "RestingState_EPI",
  "ScanningSequence": "EP",
  "SequenceVariant": "SK",
  "ScanOptions": "FS",
  "SequenceName": "_epfid2d1_64",
  "ImageType": [
    "ORIGINAL",
    "PRIMARY",
    "M",
    "ND",
    "MOSAIC"
  ],
  "SeriesNumber": 3,
  "AcquisitionTime": "10:33:6.595000",
  "AcquisitionNumber": 40,
  "SliceThickness": 3,
  "SpacingBetweenSlices": 3,
  "SAR": 0.11965,
  "EchoTime": 0.028,
  "RepetitionTime": 3,
  "FlipAngle": 90,
  "PartialFourier": 1,
  "BaseResolution": 64,
  "ShimSetting": [
    -2657,
    -22887,
    2128,
    655,
    385,
    313,
    -117,
    438
  ],
  "TxRefAmp": 327.751,
  "PhaseResolution": 1,
  "ReceiveCoilName": "32Ch_Head",
  "CoilString": "C:HEA;HEP",
  "PulseSequenceDetails": "%SiemensSeq%_ep2d_pace",
  "RefLinesPE": 24,
  "PercentPhaseFOV": 100,
  "PhaseEncodingSteps": 63,
  "AcquisitionMatrixPE": 64,
  "ReconMatrixPE": 64,
  "BandwidthPerPixelPhaseEncode": 45.29,
  "ParallelReductionFactorInPlane": 2,
  "EffectiveEchoSpacing": 0.000344999,
  "DerivedVendorReportedEchoSpacing": 0.000689998,
  "TotalReadoutTime": 0.0217349,
  "PixelBandwidth": 1662,
  "DwellTime": 4.7e-06,
  "PhaseEncodingDirection": "j-",
  "SliceTiming": [
    1.495,
    0,
    1.57,
    0.075,
    1.645,
    0.15,
    1.72,
    0.2225,
    1.795,
    0.2975,
    1.87,
    0.3725,
    1.945,
    0.4475,
    2.0175,
    0.5225,
    2.0925,
    0.5975,
    2.1675,
    0.6725,
    2.2425,
    0.7475,
    2.3175,
    0.8225,
    2.3925,
    0.8975,
    2.4675,
    0.9725,
    2.5425,
    1.0475,
    2.6175,
    1.12,
    2.6925,
    1.195,
    2.7675,
    1.27,
    2.8425,
    1.345,
    2.915,
    1.42
  ],
  "ImageOrientationPatientDICOM": [
    1,
    0,
    0,
    0,
    0.996779,
    -0.0801989
  ],
  "InPlanePhaseEncodingDirectionDICOM": "COL",
  "ConversionSoftware": "dcm2niix",
  "ConversionSoftwareVersion": "v1.0.20190902",
  "TaskName": "rest"
}
