{
	"Modality": "MR",
	"MagneticFieldStrength": 3,
	"ImagingFrequency": 123.265443,
	"Manufacturer": "Siemens",
	"ManufacturersModelName": "TrioTim",
	"InstitutionName": "Brigham Young University",
	"InstitutionalDepartmentName": "MRI",
	"InstitutionAddress": "University Pkwy 1700 North 685,Provo//EDEA48//,UT,US,84601",
	"DeviceSerialNumber": "35002",
	"StationName": "MRC35002",
	"PatientPosition": "HFS",
	"ProcedureStepDescription": "Research^Jensen",
	"SoftwareVersions": "syngo MR B17",
	"MRAcquisitionType": "2D",
	"SeriesDescription": "go-nogo_32chan",
	"ProtocolName": "go-nogo_32chan",
	"ScanningSequence": "EP",
	"SequenceVariant": "SK",
	"ScanOptions": "FS",
	"SequenceName": "*epfid2d1_64",
	"ImageType": ["ORIGINAL", "PRIMARY", "M", "ND", "MOSAIC"],
	"NonlinearGradientCorrection": false,
	"SeriesNumber": 4,
	"AcquisitionTime": "14:46:57.437500",
	"AcquisitionNumber": 1,
	"SliceThickness": 3,
	"SpacingBetweenSlices": 3,
	"SAR": 0.0941932,
	"EchoTime": 0.028,
	"RepetitionTime": 3,
	"FlipAngle": 90,
	"PartialFourier": 1,
	"BaseResolution": 64,
	"ShimSetting": [
		-2654,
		-22759,
		2141,
		606,
		24,
		994,
		-440,
		433	],
	"TxRefAmp": 331.061,
	"PhaseResolution": 1,
	"ReceiveCoilName": "32Ch_Head",
	"CoilString": "C:HEA;HEP",
	"PulseSequenceDetails": "%SiemensSeq%\\ep2d_pace",
	"RefLinesPE": 24,
	"CoilCombinationMethod": "Sum of Squares",
	"MatrixCoilMode": "GRAPPA",
	"PercentPhaseFOV": 100,
	"PercentSampling": 100,
	"PhaseEncodingSteps": 63,
	"AcquisitionMatrixPE": 64,
	"ReconMatrixPE": 64,
	"BandwidthPerPixelPhaseEncode": 45.29,
	"ParallelReductionFactorInPlane": 2,
	"EffectiveEchoSpacing": 0.000344999,
	"DerivedVendorReportedEchoSpacing": 0.000689998,
	"TotalReadoutTime": 0.0217349,
	"PixelBandwidth": 1662,
	"DwellTime": 4.7e-06,
	"PhaseEncodingDirection": "j-",
	"SliceTiming": [
		1.495,
		0,
		1.57,
		0.075,
		1.645,
		0.1475,
		1.72,
		0.2225,
		1.795,
		0.2975,
		1.87,
		0.3725,
		1.9425,
		0.4475,
		2.0175,
		0.5225,
		2.0925,
		0.5975,
		2.1675,
		0.6725,
		2.2425,
		0.7475,
		2.3175,
		0.8225,
		2.3925,
		0.8975,
		2.4675,
		0.9725,
		2.5425,
		1.045,
		2.6175,
		1.12,
		2.6925,
		1.195,
		2.7675,
		1.27,
		2.84,
		1.345,
		2.915,
		1.42	],
	"ImageOrientationPatientDICOM": [
		1,
		0,
		0,
		0,
		0.962692,
		-0.2706	],
	"ImageOrientationText": "Tra>Cor(-15.7)",
	"InPlanePhaseEncodingDirectionDICOM": "COL",
	"BidsGuess": ["func","_acq-epfid2p2_dir-AP_run-4_bold"],
	"ConversionSoftware": "dcm2niix",
	"ConversionSoftwareVersion": "v1.0.20240202",
	"TaskName": "gonogo"
}
