{"Modality":"MR","MagneticFieldStrength":3,"ImagingFrequency":123.252,"Manufacturer":"Siemens","ManufacturersModelName":"TrioTim","InstitutionName":"Brigham Young University","InstitutionalDepartmentName":"MRI","InstitutionAddress":"University Pkwy 1700 North 685,Provo//EDEA48//,UT,US,84601","DeviceSerialNumber":"35002","StationName":"MRC35002","PatientPosition":"HFS","ProcedureStepDescription":"Research^Jensen","SoftwareVersions":"syngo MR B17","MRAcquisitionType":"2D","SeriesDescription":"go-nogo_32chan","ProtocolName":"go-nogo_32chan","ScanningSequence":"EP","SequenceVariant":"SK","ScanOptions":"FS","SequenceName":"*epfid2d1_64","ImageType":["ORIGINAL","PRIMARY","M","ND","MOSAIC"],"NonlinearGradientCorrection":false,"SeriesNumber":5,"AcquisitionTime":"17:43:14.287500","AcquisitionNumber":1,"SliceThickness":3,"SpacingBetweenSlices":3,"SAR":0.111836,"EchoTime":0.028,"RepetitionTime":3,"FlipAngle":90,"PartialFourier":1,"BaseResolution":64,"ShimSetting":[-2506,-21963,2264,791,135,731,-122,184],"TxRefAmp":328.509,"PhaseResolution":1,"ReceiveCoilName":"32Ch_Head","CoilString":"C:HEA;HEP","PulseSequenceDetails":"%SiemensSeq%\\ep2d_pace","RefLinesPE":24,"CoilCombinationMethod":"Sum of Squares","MatrixCoilMode":"GRAPPA","PercentPhaseFOV":100,"PercentSampling":100,"PhaseEncodingSteps":63,"AcquisitionMatrixPE":64,"ReconMatrixPE":64,"BandwidthPerPixelPhaseEncode":45.29,"ParallelReductionFactorInPlane":2,"EffectiveEchoSpacing":0.000344999,"DerivedVendorReportedEchoSpacing":0.000689998,"TotalReadoutTime":0.0217349,"PixelBandwidth":1662,"DwellTime":0.0000047,"PhaseEncodingDirection":"j-","SliceTiming":[1.4975,0,1.5725,0.075,1.6475,0.15,1.72,0.225,1.795,0.3,1.87,0.375,1.945,0.45,2.02,0.525,2.095,0.6,2.17,0.675,2.245,0.75,2.32,0.825,2.395,0.8975,2.47,0.9725,2.545,1.0475,2.6175,1.1225,2.6925,1.1975,2.7675,1.2725,2.8425,1.3475,2.9175,1.4225],"ImageOrientationPatientDICOM":[1,2e-16,0,-2e-16,0.985408,-0.170209],"ImageOrientationText":"Tra>Cor(-9.8)","InPlanePhaseEncodingDirectionDICOM":"COL","ConversionSoftware":"dcm2niix","ConversionSoftwareVersion":"v1.0.20220720","TaskName":"gonogo","subject":"040","task":"gonogo","run":"2"}