{"Modality":"MR","MagneticFieldStrength":3,"ImagingFrequency":123.265,"Manufacturer":"Siemens","ManufacturersModelName":"TrioTim","InstitutionName":"Brigham Young University","InstitutionalDepartmentName":"MRI","InstitutionAddress":"University Pkwy 1700 North 685,Provo//EDEA48//,UT,US,84601","DeviceSerialNumber":"35002","StationName":"MRC35002","PatientPosition":"HFS","ProcedureStepDescription":"Research^Jensen","SoftwareVersions":"syngo MR B17","MRAcquisitionType":"3D","SeriesDescription":"t1_mpr_sag_p2_iso_0.9","ProtocolName":"t1_mpr_sag_p2_iso_0.9","ScanningSequence":"GR\\IR","SequenceVariant":"SP\\MP","ScanOptions":"IR","SequenceName":"*tfl3d1_ns","ImageType":["ORIGINAL","PRIMARY","M","ND","NORM"],"NonlinearGradientCorrection":false,"SeriesNumber":2,"AcquisitionTime":"14:14:44.497500","AcquisitionNumber":1,"SliceThickness":0.9,"SAR":0.107858,"EchoTime":0.00232,"RepetitionTime":1.9,"InversionTime":0.9,"FlipAngle":9,"PartialFourier":1,"Interpolation2D":1,"BaseResolution":256,"ShimSetting":[-2621,-22838,1866,157,25,81,-263,448],"TxRefAmp":335.915,"PhaseResolution":1,"ReceiveCoilName":"32Ch_Head","CoilString":"C:HEA;HEP","PulseSequenceDetails":"%SiemensSeq%\\tfl","RefLinesPE":24,"CoilCombinationMethod":"Adaptive Combine","MatrixCoilMode":"GRAPPA","PercentPhaseFOV":100,"PercentSampling":100,"PhaseEncodingSteps":255,"AcquisitionMatrixPE":256,"ReconMatrixPE":512,"ParallelReductionFactorInPlane":2,"PixelBandwidth":199,"DwellTime":0.0000098,"ImageOrientationPatientDICOM":[-0.0471064,0.99889,0,0,0,-1],"ImageOrientationText":"Sag>Cor(-2.7)","InPlanePhaseEncodingDirectionDICOM":"ROW","ConversionSoftware":"dcm2niix","ConversionSoftwareVersion":"v1.0.20220720","subject":"032"}