{
  "Modality": "MR",
  "MagneticFieldStrength": 3,
  "ImagingFrequency": 123.265,
  "Manufacturer": "Siemens",
  "ManufacturersModelName": "TrioTim",
  "InstitutionName": "Brigham_Young_University",
  "InstitutionalDepartmentName": "MRI",
  "InstitutionAddress": "University_Pkwy_1700_North_685_Provo_EDEA48_UT_US_84601",
  "DeviceSerialNumber": "35002",
  "StationName": "MRC35002",
  "PatientPosition": "HFS",
  "ProcedureStepDescription": "Research_Jensen",
  "SoftwareVersions": "syngo_MR_B17",
  "MRAcquisitionType": "2D",
  "SeriesDescription": "go-nogo_32chan",
  "ProtocolName": "go-nogo_32chan",
  "ScanningSequence": "EP",
  "SequenceVariant": "SK",
  "ScanOptions": "FS",
  "SequenceName": "_epfid2d1_64",
  "ImageType": [
    "ORIGINAL",
    "PRIMARY",
    "M",
    "ND",
    "MOSAIC"
  ],
  "SeriesNumber": 5,
  "AcquisitionTime": "17:44:24.465000",
  "AcquisitionNumber": 1,
  "SliceThickness": 3,
  "SpacingBetweenSlices": 3,
  "SAR": 0.126356,
  "EchoTime": 0.028,
  "RepetitionTime": 3,
  "FlipAngle": 90,
  "PartialFourier": 1,
  "BaseResolution": 64,
  "ShimSetting": [
    -2590,
    -22881,
    2305,
    839,
    -52,
    -89,
    -229,
    419
  ],
  "TxRefAmp": 355.981,
  "PhaseResolution": 1,
  "ReceiveCoilName": "32Ch_Head",
  "CoilString": "C:HEA;HEP",
  "PulseSequenceDetails": "%SiemensSeq%_ep2d_pace",
  "RefLinesPE": 24,
  "PercentPhaseFOV": 100,
  "PhaseEncodingSteps": 63,
  "AcquisitionMatrixPE": 64,
  "ReconMatrixPE": 64,
  "BandwidthPerPixelPhaseEncode": 45.29,
  "ParallelReductionFactorInPlane": 2,
  "EffectiveEchoSpacing": 0.000344999,
  "DerivedVendorReportedEchoSpacing": 0.000689998,
  "TotalReadoutTime": 0.0217349,
  "PixelBandwidth": 1662,
  "DwellTime": 4.7e-06,
  "PhaseEncodingDirection": "j-",
  "SliceTiming": [
    1.4975,
    0,
    1.57,
    0.075,
    1.645,
    0.15,
    1.72,
    0.225,
    1.795,
    0.3,
    1.87,
    0.375,
    1.945,
    0.45,
    2.02,
    0.525,
    2.095,
    0.6,
    2.17,
    0.6725,
    2.245,
    0.7475,
    2.32,
    0.8225,
    2.3925,
    0.8975,
    2.4675,
    0.9725,
    2.5425,
    1.0475,
    2.6175,
    1.1225,
    2.6925,
    1.1975,
    2.7675,
    1.2725,
    2.8425,
    1.3475,
    2.9175,
    1.4225
  ],
  "ImageOrientationPatientDICOM": [
    1,
    0,
    0,
    0,
    1,
    0
  ],
  "InPlanePhaseEncodingDirectionDICOM": "COL",
  "ConversionSoftware": "dcm2niix",
  "ConversionSoftwareVersion": "v1.0.20190902",
  "TaskName": "gonogo"
}
